PATH
  remote: ../GDO-Login
  specs:
    GDO-Login (1.00)
      GDO (~> 1)

PATH
  remote: ../GDO-Register
  specs:
    GDO-Register (1.0)
      GDO (~> 1)

PATH
  remote: ../GDO
  specs:
    GDO (1.00)
      bcrypt (~> 3.1)
      mail (~> 2.7)
      mysql2 (~> 0.5)
      rack (~> 2.0)

GEM
  remote: https://rubygems.org/
  specs:
    bcrypt (3.1.12-x64-mingw32)
    mail (2.7.0)
      mini_mime (>= 0.1.1)
    mini_mime (1.0.0)
    mysql2 (0.5.2-x64-mingw32)
    passenger (5.3.3)
      rack
      rake (>= 0.8.1)
    rack (2.0.5)
    rake (12.3.1)

PLATFORMS
  x64-mingw32

DEPENDENCIES
  GDO!
  GDO-Login!
  GDO-Register!
  passenger

BUNDLED WITH
   1.16.1
